GEM
  remote: https://rubygems.org/
  specs:

PLATFORMS
  ruby
  universal-java-1.8
  universal-java-17
  universal-java-21
  x86_64-darwin-24

DEPENDENCIES

BUNDLED WITH
   2.6.5
