GEM
  remote: https://rubygems.org/
  specs:
    chronic (0.10.2)

PLATFORMS
  ruby
  universal-java-17
  x86_64-darwin-24

DEPENDENCIES
  chronic (~> 0.10.2)

BUNDLED WITH
   2.6.5
